GIT
  remote: git://github.com/csdn-dev/second_level_cache.git
  revision: 13ef50d787e2458cc1cad1597a74c96c345eb33c
  specs:
    second_level_cache (1.6.0)
      activesupport (~> 3.2.0)

GEM
  remote: https://rubygems.org/
  specs:
    activemodel (3.2.12)
      activesupport (= 3.2.12)
      builder (~> 3.0.0)
    activerecord (3.2.12)
      activemodel (= 3.2.12)
      activesupport (= 3.2.12)
      arel (~> 3.0.2)
      tzinfo (~> 0.3.29)
    activesupport (3.2.12)
      i18n (~> 0.6)
      multi_json (~> 1.0)
    arel (3.0.2)
    backports (3.1.0)
    builder (3.0.4)
    coderay (1.0.9)
    daemons (1.1.9)
    dalli (2.6.2)
    database_cleaner (0.9.1)
    eventmachine (1.0.1)
    factory_girl (4.2.0)
      activesupport (>= 3.0.0)
    i18n (0.6.4)
    kgio (2.8.0)
    method_source (0.8.1)
    minitest (2.6.2)
    multi_json (1.6.1)
    mysql2 (0.3.11)
    oj (2.0.9)
    pry (0.9.12)
      coderay (~> 1.0.5)
      method_source (~> 0.8)
      slop (~> 3.4)
    rack (1.5.2)
    rack-protection (1.4.0)
      rack
    rack-test (0.6.2)
      rack (>= 1.0)
    rainbows (4.5.0)
      kgio (~> 2.5)
      rack (~> 1.1)
      unicorn (~> 4.6, >= 4.6.2)
    raindrops (0.10.0)
    rake (10.0.3)
    sinatra (1.3.5)
      rack (~> 1.4)
      rack-protection (~> 1.3)
      tilt (~> 1.3, >= 1.3.3)
    sinatra-contrib (1.3.2)
      backports (>= 2.0)
      eventmachine
      rack-protection
      rack-test
      sinatra (~> 1.3.0)
      tilt (~> 1.3)
    slop (3.4.3)
    thin (1.5.0)
      daemons (>= 1.0.9)
      eventmachine (>= 0.12.6)
      rack (>= 1.0.0)
    tilt (1.3.4)
    tzinfo (0.3.36)
    unicorn (4.6.2)
      kgio (~> 2.6)
      rack
      raindrops (~> 0.7)

PLATFORMS
  ruby

DEPENDENCIES
  activerecord (~> 3.2)
  dalli
  database_cleaner
  factory_girl
  kgio
  minitest (~> 2.6.0)
  mysql2
  oj
  pry
  rack
  rack-test
  rainbows
  rake
  second_level_cache!
  sinatra
  sinatra-contrib
  thin
