GIT
  remote: git://github.com/csdn-dev/second_level_cache.git
  revision: 97005df106c7c41b8af827ed3cb71d478ef23294
  specs:
    second_level_cache (1.6.0)
      activesupport (~> 3.2.0)

GEM
  remote: https://rubygems.org/
  specs:
    activemodel (3.2.11)
      activesupport (= 3.2.11)
      builder (~> 3.0.0)
    activerecord (3.2.11)
      activemodel (= 3.2.11)
      activesupport (= 3.2.11)
      arel (~> 3.0.2)
      tzinfo (~> 0.3.29)
    activesupport (3.2.11)
      i18n (~> 0.6)
      multi_json (~> 1.0)
    arel (3.0.2)
    backports (2.7.0)
    builder (3.0.4)
    coderay (1.0.8)
    daemons (1.1.9)
    dalli (2.6.0)
    database_cleaner (0.9.1)
    eventmachine (1.0.0)
    factory_girl (4.2.0)
      activesupport (>= 3.0.0)
    i18n (0.6.1)
    kgio (2.8.0)
    method_source (0.8.1)
    minitest (2.6.2)
    multi_json (1.5.0)
    mysql2 (0.3.11)
    oj (2.0.1)
    pry (0.9.11.3)
      coderay (~> 1.0.5)
      method_source (~> 0.8)
      slop (~> 3.4)
    rack (1.4.4)
    rack-protection (1.3.2)
      rack
    rack-test (0.6.2)
      rack (>= 1.0)
    rake (10.0.3)
    sinatra (1.3.3)
      rack (~> 1.3, >= 1.3.6)
      rack-protection (~> 1.2)
      tilt (~> 1.3, >= 1.3.3)
    sinatra-contrib (1.3.2)
      backports (>= 2.0)
      eventmachine
      rack-protection
      rack-test
      sinatra (~> 1.3.0)
      tilt (~> 1.3)
    slop (3.4.3)
    thin (1.5.0)
      daemons (>= 1.0.9)
      eventmachine (>= 0.12.6)
      rack (>= 1.0.0)
    tilt (1.3.3)
    tzinfo (0.3.35)

PLATFORMS
  ruby

DEPENDENCIES
  activerecord
  dalli
  database_cleaner
  factory_girl
  kgio
  minitest (~> 2.6.0)
  mysql2
  oj
  pry
  rack
  rake
  second_level_cache!
  sinatra
  sinatra-contrib
  thin
