GEM
  remote: http://ruby.taobao.org/
  specs:
    activemodel (3.2.21)
      activesupport (= 3.2.21)
      builder (~> 3.0.0)
    activesupport (3.2.21)
      i18n (~> 0.6, >= 0.6.4)
      multi_json (~> 1.0)
    backports (3.6.4)
    bson (1.12.2)
    bson_ext (1.12.2)
      bson (~> 1.12.2)
    builder (3.0.4)
    coderay (1.1.0)
    daemons (1.2.2)
    diff-lcs (1.2.5)
    eventmachine (1.0.7)
    i18n (0.7.0)
    kgio (2.9.3)
    method_source (0.8.2)
    mongoid (3.1.7)
      activemodel (~> 3.2)
      moped (~> 1.4)
      origin (~> 1.0)
      tzinfo (~> 0.3.29)
    moped (1.5.2)
    multi_json (1.11.0)
    oj (2.12.9)
    origin (1.1.0)
    pry (0.10.1)
      coderay (~> 1.1.0)
      method_source (~> 0.8.1)
      slop (~> 3.4)
    rack (1.6.1)
    rack-protection (1.5.3)
      rack
    rack-test (0.6.3)
      rack (>= 1.0)
    rainbows (4.6.2)
      kgio (~> 2.5)
      rack (~> 1.1)
      unicorn (~> 4.8)
    raindrops (0.13.0)
    rake (10.4.2)
    rspec (3.2.0)
      rspec-core (~> 3.2.0)
      rspec-expectations (~> 3.2.0)
      rspec-mocks (~> 3.2.0)
    rspec-core (3.2.3)
      rspec-support (~> 3.2.0)
    rspec-expectations (3.2.1)
      diff-lcs (>= 1.2.0, < 2.0)
      rspec-support (~> 3.2.0)
    rspec-mocks (3.2.1)
      diff-lcs (>= 1.2.0, < 2.0)
      rspec-support (~> 3.2.0)
    rspec-support (3.2.2)
    sinatra (1.4.6)
      rack (~> 1.4)
      rack-protection (~> 1.4)
      tilt (>= 1.3, < 3)
    sinatra-contrib (1.4.2)
      backports (>= 2.0)
      multi_json
      rack-protection
      rack-test
      sinatra (~> 1.4.0)
      tilt (~> 1.3)
    slop (3.6.0)
    thin (1.6.3)
      daemons (~> 1.0, >= 1.0.9)
      eventmachine (~> 1.0)
      rack (~> 1.0)
    tilt (1.4.1)
    tzinfo (0.3.44)
    unicorn (4.9.0)
      kgio (~> 2.6)
      rack
      raindrops (~> 0.7)

PLATFORMS
  ruby

DEPENDENCIES
  bson
  bson_ext
  mongoid
  oj
  pry
  rack
  rack-test
  rainbows
  rake
  rspec
  sinatra
  sinatra-contrib
  thin
